GEM
  remote: https://rubygems.org/
  specs:
    ethon (0.7.0)
      ffi (>= 1.3.0)
    ffi (1.9.3)
    haml (4.0.5)
      tilt
    json (1.8.1)
    mime-types (1.25.1)
    rack (1.5.2)
    rack-protection (1.5.3)
      rack
    rest-client (1.6.7)
      mime-types (>= 1.16)
    shotgun (0.9)
      rack (>= 1.0)
    sinatra (1.4.5)
      rack (~> 1.4)
      rack-protection (~> 1.4)
      tilt (~> 1.3, >= 1.3.4)
    tilt (1.4.1)
    typhoeus (0.6.8)
      ethon (>= 0.7.0)

PLATFORMS
  ruby

DEPENDENCIES
  haml (~> 4.0.5)
  json (~> 1.8.1)
  rest-client (~> 1.6.7)
  shotgun (~> 0.9)
  sinatra (~> 1.4.5)
  typhoeus (~> 0.6.8)
